GIT
  remote: git://github.com/tdiary/tdiary-contrib.git
  revision: ca551db6757529dd58cfd876d959d441cb46108f
  specs:
    tdiary-contrib (4.2.1)
      ruby-pushbullet
      tdiary

GIT
  remote: git://github.com/tdiary/tdiary-io-mongodb.git
  revision: e19079a329e4eb38a3e3e4848216dfcb028280ff
  specs:
    tdiary-io-mongodb (4.2.0.1)
      hikidoc
      mongoid (~> 5.0)

GEM
  remote: https://rubygems.org/
  specs:
    activemodel (4.2.6)
      activesupport (= 4.2.6)
      builder (~> 3.1)
    activesupport (4.2.6)
      i18n (~> 0.7)
      json (~> 1.7, >= 1.7.7)
      minitest (~> 5.1)
      thread_safe (~> 0.3, >= 0.3.4)
      tzinfo (~> 1.1)
    addressable (2.3.8)
    bson (4.0.4)
    builder (3.2.2)
    byebug (8.2.2)
    capybara (2.6.2)
      addressable
      mime-types (>= 1.16)
      nokogiri (>= 1.3.3)
      rack (>= 1.0.0)
      rack-test (>= 0.5.4)
      xpath (~> 2.0)
    childprocess (0.5.9)
      ffi (~> 1.0, >= 1.0.11)
    coderay (1.1.1)
    concurrent-ruby (1.0.1)
    coveralls (0.7.12)
      multi_json (~> 1.10)
      rest-client (>= 1.6.8, < 2)
      simplecov (~> 0.9.1)
      term-ansicolor (~> 1.3)
      thor (~> 0.19.1)
    dalli (2.7.6)
    diff-lcs (1.2.5)
    docile (1.1.5)
    domain_name (0.5.20160310)
      unf (>= 0.0.5, < 1.0.0)
    emot (0.0.4)
      thor
    faraday (0.9.2)
      multipart-post (>= 1.2, < 3)
    fastimage (1.9.0)
      addressable (~> 2.3.5)
    ffi (1.9.10)
    github-markdown (0.6.9)
    hashie (3.4.3)
    hikidoc (0.1.0)
    http-cookie (1.0.2)
      domain_name (~> 0.5)
    i18n (0.7.0)
    jasmine (2.4.0)
      jasmine-core (~> 2.4)
      phantomjs
      rack (>= 1.2.1)
      rake
    jasmine-core (2.4.1)
    json (1.8.3)
    launchy (2.4.3)
      addressable (~> 2.3)
    mail (2.6.3)
      mime-types (>= 1.16, < 3)
    memcachier (0.0.2)
    method_source (0.8.2)
    mime-types (2.99.1)
    mini_portile2 (2.0.0)
    minitest (5.8.4)
    mongo (2.2.4)
      bson (~> 4.0)
    mongoid (5.1.1)
      activemodel (~> 4.0)
      mongo (~> 2.1)
      origin (~> 2.2)
      tzinfo (>= 0.3.37)
    multi_json (1.11.2)
    multipart-post (2.0.0)
    netrc (0.11.0)
    nokogiri (1.6.7.2)
      mini_portile2 (~> 2.0.0.rc2)
    oauth (0.5.1)
    octokit (4.3.0)
      sawyer (~> 0.7.0, >= 0.5.3)
    omniauth (1.3.1)
      hashie (>= 1.2, < 4)
      rack (>= 1.0, < 3)
    omniauth-oauth (1.1.0)
      oauth
      omniauth (~> 1.0)
    omniauth-twitter (1.2.1)
      json (~> 1.3)
      omniauth-oauth (~> 1.1)
    origin (2.2.0)
    phantomjs (2.1.1.0)
    pit (0.0.7)
    power_assert (0.2.7)
    pry (0.10.3)
      coderay (~> 1.1.0)
      method_source (~> 0.8.1)
      slop (~> 3.4)
    pry-byebug (3.3.0)
      byebug (~> 8.0)
      pry (~> 0.10)
    puma (3.2.0)
    rack (1.6.4)
    rack-test (0.6.3)
      rack (>= 1.0)
    racksh (1.0.0)
      rack (>= 1.0)
      rack-test (>= 0.5)
    rake (11.1.1)
    rdtool (0.6.38)
    redcarpet (3.3.4)
    rest-client (1.8.0)
      http-cookie (>= 1.0.2, < 2.0)
      mime-types (>= 1.16, < 3.0)
      netrc (~> 0.7)
    rouge (1.10.1)
    rspec (3.4.0)
      rspec-core (~> 3.4.0)
      rspec-expectations (~> 3.4.0)
      rspec-mocks (~> 3.4.0)
    rspec-core (3.4.4)
      rspec-support (~> 3.4.0)
    rspec-expectations (3.4.0)
      diff-lcs (>= 1.2.0, < 2.0)
      rspec-support (~> 3.4.0)
    rspec-mocks (3.4.1)
      diff-lcs (>= 1.2.0, < 2.0)
      rspec-support (~> 3.4.0)
    rspec-support (3.4.1)
    ruby-pushbullet (0.1.4)
      json
      rest-client (~> 1.8.0)
    rubyzip (1.2.0)
    sawyer (0.7.0)
      addressable (>= 2.3.5, < 2.5)
      faraday (~> 0.8, < 0.10)
    selenium-webdriver (2.53.0)
      childprocess (~> 0.5)
      rubyzip (~> 1.0)
      websocket (~> 1.0)
    sequel (4.32.0)
    simplecov (0.9.2)
      docile (~> 1.1.0)
      multi_json (~> 1.0)
      simplecov-html (~> 0.9.0)
    simplecov-html (0.9.0)
    slop (3.6.0)
    sprockets (3.5.2)
      concurrent-ruby (~> 1.0)
      rack (> 1, < 3)
    sqlite3 (1.3.11)
    tdiary (4.2.1)
      bundler (~> 1.3)
      thor (~> 0.18)
    tdiary-style-gfm (0.3.0)
      emot
      github-markdown
      rouge
      twitter-text
    tdiary-style-rd (0.0.3)
      rdtool
    term-ansicolor (1.3.2)
      tins (~> 1.0)
    test-unit (3.1.8)
      power_assert
    thor (0.19.1)
    thread_safe (0.3.5)
    tins (1.9.0)
    twitter-text (1.13.4)
      unf (~> 0.1.0)
    tzinfo (1.2.2)
      thread_safe (~> 0.1)
    unf (0.1.4)
      unf_ext
    unf_ext (0.0.7.2)
    websocket (1.2.2)
    xpath (2.0.0)
      nokogiri (~> 1.3)

PLATFORMS
  ruby

DEPENDENCIES
  capybara
  coveralls (~> 0.7.12)
  dalli
  emot
  fastimage
  hikidoc
  jasmine
  launchy
  mail
  memcachier
  octokit
  omniauth
  omniauth-twitter
  pit
  pry-byebug
  puma
  rack
  racksh
  rake
  redcarpet
  rspec
  selenium-webdriver
  sequel
  simplecov
  sprockets
  sqlite3
  tdiary-contrib!
  tdiary-io-mongodb!
  tdiary-style-gfm
  tdiary-style-rd
  test-unit

BUNDLED WITH
   1.11.2
